GEM
  remote: https://rubygems.org/
  specs:
    diff-lcs (1.3)
    dotenv (2.2.1)
    given_core (3.8.0)
      sorcerer (>= 0.3.7)
    mini_portile2 (2.3.0)
    nokogiri (1.8.2)
      mini_portile2 (~> 2.3.0)
    nokogiri (1.8.2-x64-mingw32)
      mini_portile2 (~> 2.3.0)
    pg (1.0.0)
    pg (1.0.0-x64-mingw32)
    rack (2.0.4)
    rack-test (0.8.2)
      rack (>= 1.0, < 3)
    rack-unreloader (1.6.0)
    rake (12.3.0)
    roda (3.4.0)
      rack
    rspec (3.7.0)
      rspec-core (~> 3.7.0)
      rspec-expectations (~> 3.7.0)
      rspec-mocks (~> 3.7.0)
    rspec-core (3.7.1)
      rspec-support (~> 3.7.0)
    rspec-expectations (3.7.0)
      diff-lcs (>= 1.2.0, < 2.0)
      rspec-support (~> 3.7.0)
    rspec-given (3.8.0)
      given_core (= 3.8.0)
      rspec (>= 2.14.0)
    rspec-mocks (3.7.0)
      diff-lcs (>= 1.2.0, < 2.0)
      rspec-support (~> 3.7.0)
    rspec-support (3.7.1)
    sequel (5.5.0)
    sorcerer (1.0.2)

PLATFORMS
  ruby
  x64-mingw32

DEPENDENCIES
  dotenv
  nokogiri
  pg
  rack-test
  rack-unreloader
  rake
  roda
  rspec-given
  sequel

RUBY VERSION
   ruby 2.3.1p112

BUNDLED WITH
   1.16.1
