GEM
  remote: https://rubygems.org/
  specs:
    mini_portile (0.6.2)
    nokogiri (1.6.6.2)
      mini_portile (~> 0.6.0)
    pg (0.18.2)
    rack (1.6.4)
    roda (2.5.0)
      rack

PLATFORMS
  ruby

DEPENDENCIES
  nokogiri
  pg
  roda

BUNDLED WITH
   1.10.5
