GEM
  remote: https://rubygems.org/
  specs:
    diff-lcs (1.2.5)
    dotenv (2.0.2)
    given_core (3.8.0)
      sorcerer (>= 0.3.7)
    mini_portile2 (2.0.0)
    nokogiri (1.6.7.1)
      mini_portile2 (~> 2.0.0.rc2)
    nokogiri (1.6.7.1-x64-mingw32)
      mini_portile2 (~> 2.0.0.rc2)
    pg (0.18.4)
    pg (0.18.4-x64-mingw32)
    rack (1.6.4)
    rack-test (0.6.3)
      rack (>= 1.0)
    rack-unreloader (1.3.0)
    rake (10.4.2)
    roda (2.9.0)
      rack
    rspec (3.4.0)
      rspec-core (~> 3.4.0)
      rspec-expectations (~> 3.4.0)
      rspec-mocks (~> 3.4.0)
    rspec-core (3.4.2)
      rspec-support (~> 3.4.0)
    rspec-expectations (3.4.0)
      diff-lcs (>= 1.2.0, < 2.0)
      rspec-support (~> 3.4.0)
    rspec-given (3.8.0)
      given_core (= 3.8.0)
      rspec (>= 2.14.0)
    rspec-mocks (3.4.1)
      diff-lcs (>= 1.2.0, < 2.0)
      rspec-support (~> 3.4.0)
    rspec-support (3.4.1)
    sequel (4.29.0)
    sorcerer (1.0.2)

PLATFORMS
  ruby
  x64-mingw32

DEPENDENCIES
  dotenv
  nokogiri
  pg
  rack-test
  rack-unreloader
  rake
  roda
  rspec-given
  sequel

BUNDLED WITH
   1.11.2
