GEM
  remote: https://rubygems.org/
  specs:
    dotenv (2.0.2)
    mini_portile2 (2.0.0)
    nokogiri (1.6.7.1)
      mini_portile2 (~> 2.0.0.rc2)
    nokogiri (1.6.7.1-x64-mingw32)
      mini_portile2 (~> 2.0.0.rc2)
    pg (0.18.4)
    pg (0.18.4-x64-mingw32)
    rack (1.6.4)
    rack-unreloader (1.3.0)
    rake (10.4.2)
    roda (2.9.0)
      rack
    sequel (4.29.0)

PLATFORMS
  ruby
  x64-mingw32

DEPENDENCIES
  dotenv
  nokogiri
  pg
  rack-unreloader
  rake
  roda
  sequel

BUNDLED WITH
   1.11.2
