GEM
  remote: https://rubygems.org/
  specs:
    mini_portile (0.6.2)
    nokogiri (1.6.6.2)
      mini_portile (~> 0.6.0)
    pg (0.18.2)
    rack (1.6.4)
    rake (10.4.2)
    roda (2.5.0)
      rack
    sequel (4.24.0)

PLATFORMS
  ruby

DEPENDENCIES
  nokogiri
  pg
  rake
  roda
  sequel

BUNDLED WITH
   1.10.5
